PATH
  remote: .
  specs:
    filentory-cli (0.5.0)
      exifr (~> 1.2.0)
      json_spec (~> 1.1.1)
      methadone (~> 1.7)
      oj (~> 2.11)
      streamio-ffmpeg (~> 1.0.0)
      string-scrub
      xmp (~> 0.2.0)

GEM
  remote: https://rubygems.org/
  specs:
    aruba (0.14.0)
      childprocess (~> 0.5.6)
      contracts (~> 0.9)
      cucumber (>= 1.3.19)
      ffi (~> 1.9.10)
      rspec-expectations (>= 2.99)
      thor (~> 0.19)
    builder (3.2.2)
    childprocess (0.5.9)
      ffi (~> 1.0, >= 1.0.11)
    contracts (0.13.0)
    cucumber (2.3.2)
      builder (>= 2.1.2)
      cucumber-core (~> 1.4.0)
      cucumber-wire (~> 0.0.1)
      diff-lcs (>= 1.1.3)
      gherkin (~> 3.2.0)
      multi_json (>= 1.7.5, < 2.0)
      multi_test (>= 0.1.2)
    cucumber-core (1.4.0)
      gherkin (~> 3.2.0)
    cucumber-wire (0.0.1)
    diff-lcs (1.2.5)
    docile (1.1.5)
    exifr (1.2.4)
    fakeweb (1.3.0)
    ffi (1.9.10)
    gherkin (3.2.0)
    json (1.8.3)
    json_spec (1.1.4)
      multi_json (~> 1.0)
      rspec (>= 2.0, < 4.0)
    methadone (1.9.2)
      bundler
    minitest (5.8.4)
    mkfifo (0.1.1)
    multi_json (1.11.2)
    multi_test (0.1.2)
    nokogiri (1.5.11)
    oj (2.14.6)
    rack (1.6.4)
    rack-test (0.6.3)
      rack (>= 1.0)
    rake (10.5.0)
    rdoc (4.2.2)
      json (~> 1.4)
    rspec (3.4.0)
      rspec-core (~> 3.4.0)
      rspec-expectations (~> 3.4.0)
      rspec-mocks (~> 3.4.0)
    rspec-core (3.4.4)
      rspec-support (~> 3.4.0)
    rspec-expectations (3.4.0)
      diff-lcs (>= 1.2.0, < 2.0)
      rspec-support (~> 3.4.0)
    rspec-mocks (3.4.1)
      diff-lcs (>= 1.2.0, < 2.0)
      rspec-support (~> 3.4.0)
    rspec-support (3.4.1)
    simplecov (0.10.0)
      docile (~> 1.1.0)
      json (~> 1.8)
      simplecov-html (~> 0.10.0)
    simplecov-html (0.10.0)
    streamio-ffmpeg (1.0.0)
    string-scrub (0.0.5)
    thor (0.19.1)
    xmp (0.2.0)
      nokogiri (~> 1.5.0)

PLATFORMS
  ruby

DEPENDENCIES
  aruba
  fakeweb (~> 1.3)
  filentory-cli!
  minitest
  mkfifo
  rack (~> 1.6.1)
  rack-test (~> 0.6)
  rake (~> 10.3)
  rdoc
  simplecov (~> 0.10.0)

BUNDLED WITH
   1.10.6
