PATH
  remote: .
  specs:
    inventory (0.0.1)
      exifr (~> 1.1.3)
      json_spec (~> 1.1.1)
      methadone (~> 1.3.1)
      oj (~> 2.5.3)
      streamio-ffmpeg (~> 1.0.0)
      xmp (~> 0.2.0)

GEM
  remote: https://rubygems.org/
  specs:
    aruba (0.5.3)
      childprocess (>= 0.3.6)
      cucumber (>= 1.1.1)
      rspec-expectations (>= 2.7.0)
    builder (3.2.2)
    childprocess (0.3.9)
      ffi (~> 1.0, >= 1.0.11)
    cucumber (1.3.10)
      builder (>= 2.1.2)
      diff-lcs (>= 1.1.3)
      gherkin (~> 2.12)
      multi_json (>= 1.7.5, < 2.0)
      multi_test (>= 0.0.2)
    diff-lcs (1.2.5)
    exifr (1.1.3)
    ffi (1.9.3)
    gherkin (2.12.2)
      multi_json (~> 1.3)
    json (1.8.1)
    json_spec (1.1.1)
      multi_json (~> 1.0)
      rspec (~> 2.0)
    methadone (1.3.1)
      bundler
    multi_json (1.8.2)
    multi_test (0.0.3)
    nokogiri (1.5.6)
    oj (2.5.3)
    rake (10.1.1)
    rdoc (4.1.0)
      json (~> 1.4)
    rspec (2.14.1)
      rspec-core (~> 2.14.0)
      rspec-expectations (~> 2.14.0)
      rspec-mocks (~> 2.14.0)
    rspec-core (2.14.7)
    rspec-expectations (2.14.4)
      diff-lcs (>= 1.1.3, < 2.0)
    rspec-mocks (2.14.4)
    streamio-ffmpeg (1.0.0)
    xmp (0.2.0)
      nokogiri (~> 1.5.0)

PLATFORMS
  ruby

DEPENDENCIES
  aruba
  inventory!
  rake (~> 10.1.1)
  rdoc
