PATH
  remote: .
  specs:
    filentory-cli (0.3.0)
      exifr (~> 1.1.3)
      json_spec (~> 1.1.1)
      methadone (~> 1.7)
      oj (~> 2.10.2)
      streamio-ffmpeg (~> 1.0.0)
      xmp (~> 0.2.0)

GEM
  remote: https://rubygems.org/
  specs:
    aruba (0.6.1)
      childprocess (>= 0.3.6)
      cucumber (>= 1.1.1)
      rspec-expectations (>= 2.7.0)
    builder (3.2.2)
    childprocess (0.5.3)
      ffi (~> 1.0, >= 1.0.11)
    cucumber (1.3.17)
      builder (>= 2.1.2)
      diff-lcs (>= 1.1.3)
      gherkin (~> 2.12)
      multi_json (>= 1.7.5, < 2.0)
      multi_test (>= 0.1.1)
    diff-lcs (1.2.5)
    exifr (1.1.3)
    fakeweb (1.3.0)
    ffi (1.9.3)
    gherkin (2.12.2)
      multi_json (~> 1.3)
    json (1.8.1)
    json_spec (1.1.2)
      multi_json (~> 1.0)
      rspec (>= 2.0, < 4.0)
    methadone (1.7.0)
      bundler
    multi_json (1.10.1)
    multi_test (0.1.1)
    nokogiri (1.5.11)
    oj (2.10.2)
    rack (1.5.2)
    rack-test (0.6.2)
      rack (>= 1.0)
    rake (10.3.2)
    rdoc (4.1.2)
      json (~> 1.4)
    rspec (3.1.0)
      rspec-core (~> 3.1.0)
      rspec-expectations (~> 3.1.0)
      rspec-mocks (~> 3.1.0)
    rspec-core (3.1.4)
      rspec-support (~> 3.1.0)
    rspec-expectations (3.1.1)
      diff-lcs (>= 1.2.0, < 2.0)
      rspec-support (~> 3.1.0)
    rspec-mocks (3.1.1)
      rspec-support (~> 3.1.0)
    rspec-support (3.1.0)
    streamio-ffmpeg (1.0.0)
    xmp (0.2.0)
      nokogiri (~> 1.5.0)

PLATFORMS
  ruby

DEPENDENCIES
  aruba
  fakeweb (~> 1.3)
  filentory-cli!
  rack (~> 1.5.2)
  rack-test (~> 0.6.2)
  rake (~> 10.3)
  rdoc
