PATH
  remote: .
  specs:
    filentory-cli (0.4.0)
      exifr (~> 1.2.0)
      json_spec (~> 1.1.1)
      methadone (~> 1.7)
      oj (~> 2.11)
      streamio-ffmpeg (~> 1.0.0)
      string-scrub
      xmp (~> 0.2.0)

GEM
  remote: https://rubygems.org/
  specs:
    aruba (0.6.2)
      childprocess (>= 0.3.6)
      cucumber (>= 1.1.1)
      rspec-expectations (>= 2.7.0)
    builder (3.2.2)
    childprocess (0.5.5)
      ffi (~> 1.0, >= 1.0.11)
    cucumber (1.3.18)
      builder (>= 2.1.2)
      diff-lcs (>= 1.1.3)
      gherkin (~> 2.12)
      multi_json (>= 1.7.5, < 2.0)
      multi_test (>= 0.1.1)
    diff-lcs (1.2.5)
    docile (1.1.5)
    exifr (1.2.0)
    fakeweb (1.3.0)
    ffi (1.9.6)
    gherkin (2.12.2)
      multi_json (~> 1.3)
    json (1.8.2)
    json_spec (1.1.4)
      multi_json (~> 1.0)
      rspec (>= 2.0, < 4.0)
    methadone (1.8.0)
      bundler
    minitest (5.5.1)
    mkfifo (0.0.1)
    multi_json (1.10.1)
    multi_test (0.1.1)
    nokogiri (1.5.11)
    oj (2.11.3)
    rack (1.6.0)
    rack-test (0.6.3)
      rack (>= 1.0)
    rake (10.4.2)
    rdoc (4.2.0)
      json (~> 1.4)
    rspec (3.1.0)
      rspec-core (~> 3.1.0)
      rspec-expectations (~> 3.1.0)
      rspec-mocks (~> 3.1.0)
    rspec-core (3.1.7)
      rspec-support (~> 3.1.0)
    rspec-expectations (3.1.2)
      diff-lcs (>= 1.2.0, < 2.0)
      rspec-support (~> 3.1.0)
    rspec-mocks (3.1.3)
      rspec-support (~> 3.1.0)
    rspec-support (3.1.2)
    simplecov (0.9.1)
      docile (~> 1.1.0)
      multi_json (~> 1.0)
      simplecov-html (~> 0.8.0)
    simplecov-html (0.8.0)
    streamio-ffmpeg (1.0.0)
    string-scrub (0.0.5)
    xmp (0.2.0)
      nokogiri (~> 1.5.0)

PLATFORMS
  ruby

DEPENDENCIES
  aruba
  fakeweb (~> 1.3)
  filentory-cli!
  minitest
  mkfifo
  rack (~> 1.6)
  rack-test (~> 0.6)
  rake (~> 10.3)
  rdoc
  simplecov (~> 0.9.1)
