PATH
  remote: .
  specs:
    filentory-cli (0.6.1)
      exifr (~> 1.3.0)
      json_spec (~> 1.1.1)
      methadone (~> 2.0)
      oj (~> 3.7)
      streamio-ffmpeg (~> 3.0)
      xmp (~> 0.2.0)

GEM
  remote: https://rubygems.org/
  specs:
    aruba (0.14.7)
      childprocess (>= 0.6.3, < 0.10.0)
      contracts (~> 0.9)
      cucumber (>= 1.3.19)
      ffi (~> 1.9)
      rspec-expectations (>= 2.99)
      thor (~> 0.19)
    backports (3.11.4)
    builder (3.2.3)
    childprocess (0.9.0)
      ffi (~> 1.0, >= 1.0.11)
    contracts (0.16.0)
    cucumber (3.1.2)
      builder (>= 2.1.2)
      cucumber-core (~> 3.2.0)
      cucumber-expressions (~> 6.0.1)
      cucumber-wire (~> 0.0.1)
      diff-lcs (~> 1.3)
      gherkin (~> 5.1.0)
      multi_json (>= 1.7.5, < 2.0)
      multi_test (>= 0.1.2)
    cucumber-core (3.2.1)
      backports (>= 3.8.0)
      cucumber-tag_expressions (~> 1.1.0)
      gherkin (~> 5.0)
    cucumber-expressions (6.0.1)
    cucumber-tag_expressions (1.1.1)
    cucumber-wire (0.0.1)
    diff-lcs (1.3)
    docile (1.3.1)
    exifr (1.3.5)
    fakeweb (1.3.0)
    ffi (1.10.0)
    gherkin (5.1.0)
    json (2.1.0)
    json_spec (1.1.5)
      multi_json (~> 1.0)
      rspec (>= 2.0, < 4.0)
    methadone (2.0.2)
      bundler
    minitest (5.11.3)
    mkfifo (0.1.1)
    multi_json (1.13.1)
    multi_test (0.1.2)
    nokogiri (1.5.11)
    oj (3.7.8)
    rack (2.0.6)
    rack-test (1.1.0)
      rack (>= 1.0, < 3)
    rake (12.3.2)
    rdoc (6.1.1)
    rspec (3.8.0)
      rspec-core (~> 3.8.0)
      rspec-expectations (~> 3.8.0)
      rspec-mocks (~> 3.8.0)
    rspec-core (3.8.0)
      rspec-support (~> 3.8.0)
    rspec-expectations (3.8.2)
      diff-lcs (>= 1.2.0, < 2.0)
      rspec-support (~> 3.8.0)
    rspec-mocks (3.8.0)
      diff-lcs (>= 1.2.0, < 2.0)
      rspec-support (~> 3.8.0)
    rspec-support (3.8.0)
    simplecov (0.16.1)
      docile (~> 1.1)
      json (>= 1.8, < 3)
      simplecov-html (~> 0.10.0)
    simplecov-html (0.10.2)
    streamio-ffmpeg (3.0.2)
      multi_json (~> 1.8)
    thor (0.20.3)
    xmp (0.2.0)
      nokogiri (~> 1.5.0)

PLATFORMS
  ruby

DEPENDENCIES
  aruba (~> 0.14)
  fakeweb (~> 1.3)
  filentory-cli!
  minitest (~> 5.11)
  mkfifo (~> 0.1)
  rack (~> 2.0.6)
  rack-test (~> 1.1)
  rake (~> 12.3)
  rdoc (~> 6.1)
  simplecov (~> 0.16)

BUNDLED WITH
   1.17.2
